GEM
  remote: https://rubygems.org/
  specs:
    rb-fsevent (0.9.3)
    sass (3.2.12)
    slim (2.0.2)
      temple (~> 0.6.6)
      tilt (>= 1.3.3, < 2.1)
    temple (0.6.7)
    tilt (2.0.0)
    zurb-foundation (4.3.2)
      sass (>= 3.2.0)

PLATFORMS
  ruby

DEPENDENCIES
  rb-fsevent (~> 0.9)
  sass
  slim
  zurb-foundation (~> 4.3.2)
